GEM
  remote: https://rubygems.org/
  specs:
    dotenv (2.8.1)
    httpclient (2.8.3)
    json (2.6.2)
    mustermann (1.1.2)
      ruby2_keywords (~> 0.0.1)
    rack (2.1.4.1)
    rack-protection (2.0.5)
      rack
    ruby2_keywords (0.0.5)
    sinatra (2.0.5)
      mustermann (~> 1.0)
      rack (~> 2.0)
      rack-protection (= 2.0.5)
      tilt (~> 2.0)
    slim (4.1.0)
      temple (>= 0.7.6, < 0.9)
      tilt (>= 2.0.6, < 2.1)
    temple (0.8.2)
    tilt (2.0.11)

PLATFORMS
  x86_64-linux

DEPENDENCIES
  dotenv
  httpclient
  json
  rack
  rack-protection
  sinatra
  slim

BUNDLED WITH
   2.3.7
