GEM
  remote: https://rubygems.org/
  specs:
    dotenv (2.8.1)
    httpclient (2.8.3)
    json (2.6.2)

PLATFORMS
  x86_64-linux

DEPENDENCIES
  dotenv
  httpclient
  json

BUNDLED WITH
   2.3.7
